PATH
  remote: .
  specs:
    cites (0.1.3)
      api_cache (~> 0.2)
      bibtex-ruby (~> 4.0)
      httparty (~> 0.13)
      json (>= 1.8, < 3.0)
      launchy (~> 2.4, >= 2.4.2)
      moneta (>= 0.8, < 2.0)
      thor (~> 0.19)

GEM
  remote: https://rubygems.org/
  specs:
    addressable (2.5.2)
      public_suffix (>= 2.0.2, < 4.0)
    api_cache (0.3.0)
    bibtex-ruby (4.4.7)
      latex-decode (~> 0.0)
    httparty (0.16.3)
      mime-types (~> 3.0)
      multi_xml (>= 0.5.2)
    json (2.1.0)
    latex-decode (0.3.1)
    launchy (2.4.3)
      addressable (~> 2.3)
    mime-types (3.2.2)
      mime-types-data (~> 3.2015)
    mime-types-data (3.2018.0812)
    moneta (1.0.0)
    multi_xml (0.6.0)
    power_assert (1.1.3)
    public_suffix (3.0.3)
    rake (10.4.2)
    test-unit (3.2.9)
      power_assert
    thor (0.20.3)

PLATFORMS
  ruby

DEPENDENCIES
  bundler (~> 2.0)
  cites!
  rake (~> 10.4)
  test-unit (~> 3.1)

BUNDLED WITH
   1.10.6
