PATH
  remote: .
  specs:
    cites (0.1.3)
      api_cache (~> 0.2)
      bibtex-ruby (~> 4.0)
      httparty (~> 0.13)
      json (~> 1.8)
      launchy (~> 2.4, >= 2.4.2)
      moneta (~> 0.8)
      thor (~> 0.19)

GEM
  remote: https://rubygems.org/
  specs:
    addressable (2.4.0)
    api_cache (0.3.0)
    bibtex-ruby (4.0.14)
      latex-decode (~> 0.0)
    httparty (0.16.3)
      mime-types (~> 3.0)
      multi_xml (>= 0.5.2)
    json (1.8.6)
    latex-decode (0.2.2)
      unicode (~> 0.4)
    launchy (2.4.3)
      addressable (~> 2.3)
    mime-types (3.2.2)
      mime-types-data (~> 3.2015)
    mime-types-data (3.2018.0812)
    moneta (0.8.0)
    multi_xml (0.6.0)
    power_assert (0.2.4)
    rake (10.4.2)
    test-unit (3.1.3)
      power_assert
    thor (0.19.1)
    unicode (0.4.4.2)

PLATFORMS
  ruby

DEPENDENCIES
  bundler (~> 1.6)
  cites!
  rake (~> 10.4)
  test-unit (~> 3.1)

BUNDLED WITH
   1.10.6
